GEM
  remote: http://rubygems.org/
  specs:
    emk-sinatra-url-for (0.2.1)
      sinatra (>= 0.9.1.1)
    geokit (1.5.0)
    json (1.5.1)
    oauth (0.4.4)
    rack (1.2.1)
    rubytter (1.4.2)
      json (>= 1.1.3)
      oauth (>= 0.3.6)
    sinatra (1.1.3)
      rack (~> 1.1)
      tilt (>= 1.2.2, < 2.0)
    sinatra-static-assets (0.5.0)
      emk-sinatra-url-for (>= 0.2.1)
      rack (>= 1.0.0)
      sinatra (>= 0.9.1)
    tilt (1.2.2)

PLATFORMS
  ruby

DEPENDENCIES
  geokit
  oauth
  rubytter
  sinatra
  sinatra-static-assets
